GEM
  remote: https://rubygems.org/
  specs:
    asciiart (0.0.8)
      rainbow (= 2.0.0)
      rmagick
    coderay (1.1.0)
    method_source (0.8.2)
    pry (0.10.1)
      coderay (~> 1.1.0)
      method_source (~> 0.8.1)
      slop (~> 3.4)
    rainbow (2.0.0)
    rmagick (2.13.3)
    slop (3.6.0)

PLATFORMS
  ruby

DEPENDENCIES
  asciiart
  pry
